GEM
  remote: https://rubygems.org/
  specs:
    httpclient (2.8.3)
    multi_json (1.12.1)
    mustermann (1.0.0)
    pusher (1.3.1)
      httpclient (~> 2.7)
      multi_json (~> 1.0)
      pusher-signature (~> 0.1.8)
    pusher-signature (0.1.8)
    rack (2.0.1)
    rack-protection (2.0.0)
      rack
    redis (3.3.3)
    sinatra (2.0.0)
      mustermann (~> 1.0)
      rack (~> 2.0)
      rack-protection (= 2.0.0)
      tilt (~> 2.0)
    tilt (2.0.6)

PLATFORMS
  ruby

DEPENDENCIES
  pusher
  redis
  sinatra

BUNDLED WITH
   1.13.7
